GEM
  remote: https://gems.ruby-china.com/
  specs:
    debase (0.2.5.beta2)
      debase-ruby_core_source (>= 0.10.12)
    debase-ruby_core_source (0.10.16)
    httpclient (2.8.3)
    rake (13.0.6)
    ruby-debug-ide (0.7.3)
      rake (>= 0.8.1)
    tinify (1.5.1)
      httpclient (~> 2.6)

PLATFORMS
  arm64-darwin-21

DEPENDENCIES
  debase (~> 0.2.5.beta2)
  ruby-debug-ide
  tinify

BUNDLED WITH
   2.3.11
