GEM
  remote: https://gems.ruby-china.com/
  specs:
    debase (0.2.5.beta2)
      debase-ruby_core_source (>= 0.10.12)
    debase-ruby_core_source (0.10.16)
    faraday (2.3.0)
      faraday-net_http (~> 2.0)
      ruby2_keywords (>= 0.0.4)
    faraday-net_http (2.0.3)
    httpclient (2.8.3)
    nokogiri (1.13.6-arm64-darwin)
      racc (~> 1.4)
    racc (1.6.0)
    rake (13.0.6)
    ruby-debug-ide (0.7.3)
      rake (>= 0.8.1)
    ruby2_keywords (0.0.5)
    tinify (1.5.1)
      httpclient (~> 2.6)

PLATFORMS
  arm64-darwin-21

DEPENDENCIES
  debase (~> 0.2.5.beta2)
  faraday
  nokogiri
  ruby-debug-ide
  tinify

BUNDLED WITH
   2.3.11
